GEM
  remote: https://rubygems.org/
  specs:
    activesupport (4.2.7.1)
      i18n (~> 0.7)
      json (~> 1.7, >= 1.7.7)
      minitest (~> 5.1)
      thread_safe (~> 0.3, >= 0.3.4)
      tzinfo (~> 1.1)
    addressable (2.5.0)
      public_suffix (~> 2.0, >= 2.0.2)
    bson (4.2.0)
    colored (1.2)
    faraday (0.10.0)
      multipart-post (>= 1.2, < 3)
    faraday_middleware (0.10.1)
      faraday (>= 0.7.4, < 1.0)
    i18n (0.7.0)
    json (1.8.3)
    json-schema (2.7.0)
      addressable (>= 2.4)
    mail (2.6.4)
      mime-types (>= 1.16, < 4)
    mime-types (3.1)
      mime-types-data (~> 3.2015)
    mime-types-data (3.2016.0521)
    minitest (5.10.1)
    mongo (2.4.0)
      bson (~> 4.2.0)
    multipart-post (2.0.0)
    oj (2.18.0)
    open-uri-cached (0.0.5)
    pg (0.17.1)
    public_suffix (2.0.4)
    pupa (0.2.4)
      activesupport (~> 4.0)
      colored (~> 1.2)
      faraday_middleware (~> 0.10.0)
      json-schema (~> 2.3)
      mail
      mongo (~> 2.0)
      oj (~> 2.1)
      pg (~> 0.17.0)
      sequel (~> 4.10.0)
    rake (11.2.2)
    sequel (4.10.0)
    thread_safe (0.3.5)
    tzinfo (1.2.2)
      thread_safe (~> 0.1)

PLATFORMS
  ruby

DEPENDENCIES
  open-uri-cached
  pupa
  rake

BUNDLED WITH
   1.11.2
